PATH
  remote: ../ruby
  specs:
    api_client (1.0.0)
      rake (~> 10.0)

GEM
  remote: https://rubygems.org/
  specs:
    minitest (5.9.1)
    rake (10.5.0)

PLATFORMS
  ruby

DEPENDENCIES
  api_client!
  minitest
  rake (~> 10.0)

BUNDLED WITH
   1.17.3
